GEM
  remote: https://rubygems.org/
  specs:
    colored (1.2)
    command_line_reporter (3.3.6)
      colored (>= 1.2)
    diff-lcs (1.3)
    diffy (3.3.0)
    hrx (1.0.0)
      linked-list (~> 0.0.13)
    linked-list (0.0.13)
    minitest (5.11.3)
    rspec (3.8.0)
      rspec-core (~> 3.8.0)
      rspec-expectations (~> 3.8.0)
      rspec-mocks (~> 3.8.0)
    rspec-core (3.8.2)
      rspec-support (~> 3.8.0)
    rspec-expectations (3.8.4)
      diff-lcs (>= 1.2.0, < 2.0)
      rspec-support (~> 3.8.0)
    rspec-mocks (3.8.1)
      diff-lcs (>= 1.2.0, < 2.0)
      rspec-support (~> 3.8.0)
    rspec-support (3.8.2)
    ruby-terminfo (0.1.1)

PLATFORMS
  ruby

DEPENDENCIES
  command_line_reporter (~> 3.0)
  diffy (~> 3.1)
  hrx (~> 1.0)
  minitest (~> 5.8)
  rspec
  ruby-terminfo (~> 0.1.1)

BUNDLED WITH
   2.0.2
