GIT
  remote: https://github.com/sass/ruby-sass.git
  revision: eb8b42faaf56bee8495894b0a191cf8627138485
  branch: stable
  specs:
    sass (3.7.3)
      sass-listen (~> 4.0.0)

PATH
  remote: .
  specs:
    sass-spec (3.3.3)
      command_line_reporter (~> 3.0)
      diffy (~> 3.1)
      hrx (~> 1.0)
      minitest (~> 5.8)
      ruby-terminfo (~> 0.1.1)

GEM
  remote: https://rubygems.org/
  specs:
    colored (1.2)
    command_line_reporter (3.3.6)
      colored (>= 1.2)
    diffy (3.3.0)
    ffi (1.10.0)
    hrx (1.0.0)
      linked-list (~> 0.0.13)
    linked-list (0.0.13)
    minitest (5.11.3)
    rb-fsevent (0.10.3)
    rb-inotify (0.10.0)
      ffi (~> 1.0)
    ruby-terminfo (0.1.1)
    sass-listen (4.0.0)
      rb-fsevent (~> 0.9, >= 0.9.4)
      rb-inotify (~> 0.9, >= 0.9.7)

PLATFORMS
  ruby

DEPENDENCIES
  bundler (~> 2.0)
  sass!
  sass-spec!

BUNDLED WITH
   2.0.1
